GEM
  remote: http://rubygems.org/
  specs:
    cool.io (1.1.0)
      iobuffer (>= 1.0.0)
    fluentd (0.10.9)
      cool.io (~> 1.1.0)
      http_parser.rb (~> 0.5.1)
      json (>= 1.4.3)
      msgpack (~> 0.4.4)
      yajl-ruby (~> 1.0.0)
    git (1.2.5)
    http_parser.rb (0.5.3)
    iobuffer (1.0.0)
    jeweler (1.8.3)
      bundler (~> 1.0)
      git (>= 1.2.5)
      rake
      rdoc
    json (1.6.5)
    msgpack (0.4.6)
    rake (0.9.2.2)
    rdoc (3.11)
      json (~> 1.4)
    yajl-ruby (1.0.0)

PLATFORMS
  ruby

DEPENDENCIES
  fluentd
  jeweler
